GEM
  remote: https://rubygems.org/
  specs:
    ast (2.2.0)
    backports (3.6.8)
    codeclimate-test-reporter (0.4.8)
      simplecov (>= 0.7.1, < 1.0.0)
    coveralls (0.8.11)
      json (~> 1.8)
      simplecov (~> 0.11.0)
      term-ansicolor (~> 1.3)
      thor (~> 0.19.1)
      tins (~> 1.6.0)
    daemons (1.2.3)
    diff-lcs (1.2.5)
    docile (1.1.5)
    erubis (2.7.0)
    eventmachine (1.0.9.1)
    firebase (0.2.6)
      httpclient
      json
    git-version-bump (0.15.1)
    httpclient (2.7.1)
    json (1.8.3)
    multi_json (1.11.2)
    parser (2.3.0.6)
      ast (~> 2.2)
    powerpack (0.1.1)
    puma (3.0.0)
    rack (1.6.4)
    rack-contrib (1.4.0)
      git-version-bump (~> 0.15)
      rack (~> 1.4)
    rack-protection (1.5.3)
      rack
    rack-test (0.6.3)
      rack (>= 1.0)
    rainbow (2.1.0)
    rake (10.5.0)
    rspec (3.4.0)
      rspec-core (~> 3.4.0)
      rspec-expectations (~> 3.4.0)
      rspec-mocks (~> 3.4.0)
    rspec-core (3.4.3)
      rspec-support (~> 3.4.0)
    rspec-expectations (3.4.0)
      diff-lcs (>= 1.2.0, < 2.0)
      rspec-support (~> 3.4.0)
    rspec-mocks (3.4.1)
      diff-lcs (>= 1.2.0, < 2.0)
      rspec-support (~> 3.4.0)
    rspec-support (3.4.1)
    rubocop (0.37.2)
      parser (>= 2.3.0.4, < 3.0)
      powerpack (~> 0.1)
      rainbow (>= 1.99.1, < 3.0)
      ruby-progressbar (~> 1.7)
      unicode-display_width (~> 0.3)
    ruby-progressbar (1.7.5)
    simplecov (0.11.2)
      docile (~> 1.1.0)
      json (~> 1.8)
      simplecov-html (~> 0.10.0)
    simplecov-html (0.10.0)
    sinatra (1.4.7)
      rack (~> 1.5)
      rack-protection (~> 1.4)
      tilt (>= 1.3, < 3)
    sinatra-content-for (0.1)
      sinatra
    sinatra-contrib (1.4.6)
      backports (>= 2.0)
      multi_json
      rack-protection
      rack-test
      sinatra (~> 1.4.0)
      tilt (>= 1.3, < 3)
    sinatra-flash (0.3.0)
      sinatra (>= 1.0.0)
    sinatra-namespace (1.0)
      sinatra-contrib
    sinatra-reloader (1.0)
      sinatra-contrib
    term-ansicolor (1.3.2)
      tins (~> 1.0)
    thin (1.6.4)
      daemons (~> 1.0, >= 1.0.9)
      eventmachine (~> 1.0, >= 1.0.4)
      rack (~> 1.0)
    thor (0.19.1)
    tilt (2.0.2)
    tins (1.6.0)
    unicode-display_width (0.3.1)

PLATFORMS
  x64-mingw32

DEPENDENCIES
  bundler
  codeclimate-test-reporter
  coveralls
  erubis
  firebase
  git-version-bump
  puma
  rack
  rack-contrib
  rake
  rspec
  rubocop
  sinatra
  sinatra-content-for
  sinatra-contrib
  sinatra-flash
  sinatra-namespace
  sinatra-reloader
  thin

BUNDLED WITH
   1.11.2
